GEM
  remote: https://rubygems.org/
  specs:
    coderay (1.1.2)
    dropbox_api (0.1.18)
      faraday (<= 1.0)
      oauth2 (~> 1.1)
    excon (0.72.0)
    faraday (1.0.0)
      multipart-post (>= 1.2, < 3)
    gli (2.19.0)
    jwt (2.2.1)
    logglier (0.5.0)
      multi_json (~> 1)
    method_source (0.9.2)
    multi_json (1.14.1)
    multi_xml (0.6.0)
    multipart-post (2.1.1)
    oauth2 (1.4.4)
      faraday (>= 0.8, < 2.0)
      jwt (>= 1.0, < 3.0)
      multi_json (~> 1.3)
      multi_xml (~> 0.5)
      rack (>= 1.2, < 3)
    oj (3.10.3)
    pry (0.12.2)
      coderay (~> 1.1.0)
      method_source (~> 0.9.0)
    pushover (3.0.2)
      excon
      gli
      oj
    rack (2.2.2)

PLATFORMS
  ruby

DEPENDENCIES
  dropbox_api
  logglier
  pry
  pushover

BUNDLED WITH
   2.0.2
